GEM
  remote: https://rubygems.org/
  specs:
    colorize (0.8.1)
    highline (2.1.0)

PLATFORMS
  x86_64-linux

DEPENDENCIES
  colorize
  highline

BUNDLED WITH
   2.3.14
